GEM
  remote: https://rubygems.org/
  specs:
    minitest (5.23.0)

PLATFORMS
  arm64-darwin-22

DEPENDENCIES
  minitest

BUNDLED WITH
   2.3.26
