GEM
  remote: https://rubygems.org/
  specs:
    minitest (5.23.0)

PLATFORMS
  arm64-darwin-22
  x86_64-linux

DEPENDENCIES
  minitest

BUNDLED WITH
   2.3.26
